PATH
  remote: .
  specs:
    kronic (0.2.1)

GEM
  remote: http://rubygems.org/
  specs:
    diff-lcs (1.1.3)
    rake (0.9.2.2)
    rspec (2.7.0)
      rspec-core (~> 2.7.0)
      rspec-expectations (~> 2.7.0)
      rspec-mocks (~> 2.7.0)
    rspec-core (2.7.1)
    rspec-expectations (2.7.0)
      diff-lcs (~> 1.1.2)
    rspec-mocks (2.7.0)
    timecop (0.3.5)

PLATFORMS
  ruby

DEPENDENCIES
  kronic!
  rake
  rspec (>= 2.1)
  timecop
